GEM
  remote: https://rubygems.org/
  specs:
    addressable (2.5.2)
      public_suffix (>= 2.0.2, < 4.0)
    ast (2.4.0)
    byebug (10.0.2)
    coderay (1.1.2)
    crack (0.4.3)
      safe_yaml (~> 1.0.0)
    hashdiff (0.3.7)
    httparty (0.16.2)
      multi_xml (>= 0.5.2)
    method_source (0.9.0)
    multi_xml (0.6.0)
    parallel (1.12.1)
    parser (2.5.1.0)
      ast (~> 2.4.0)
    powerpack (0.1.1)
    pry (0.11.3)
      coderay (~> 1.1.0)
      method_source (~> 0.9.0)
    pry-byebug (3.6.0)
      byebug (~> 10.0)
      pry (~> 0.10)
    public_suffix (3.0.2)
    rainbow (3.0.0)
    rubocop (0.56.0)
      parallel (~> 1.10)
      parser (>= 2.5)
      powerpack (~> 0.1)
      rainbow (>= 2.2.2, < 4.0)
      ruby-progressbar (~> 1.7)
      unicode-display_width (~> 1.0, >= 1.0.1)
    ruby-progressbar (1.9.0)
    safe_yaml (1.0.4)
    unicode-display_width (1.3.3)
    webmock (3.4.1)
      addressable (>= 2.3.6)
      crack (>= 0.3.2)
      hashdiff

PLATFORMS
  ruby

DEPENDENCIES
  byebug
  httparty
  pry-byebug
  rubocop
  webmock

BUNDLED WITH
   1.16.2
